GEM
  remote: http://rubygems.org/
  specs:
    aws (2.5.3)
      http_connection
      uuidtools
      xml-simple
    git (1.2.5)
    http_connection (1.4.1)
    jeweler (1.6.0)
      bundler (~> 1.0.0)
      git (>= 1.2.5)
      rake
    rake (0.8.7)
    rcov (0.9.9)
    rspec (1.3.1)
    uuidtools (2.1.2)
    xml-simple (1.0.15)

PLATFORMS
  ruby

DEPENDENCIES
  aws (>= 2.5.3)
  bundler (~> 1.0.0)
  jeweler (~> 1.6.0)
  rcov
  rspec
